GEM
  remote: https://rubygems.org/
  specs:
    eventmachine (1.0.3)
    irc_parser (0.1.2)
    sqlite3 (1.3.9)

PLATFORMS
  ruby

DEPENDENCIES
  eventmachine
  irc_parser
  sqlite3
