GEM
  remote: https://rubygems.org/
  specs:
    addressable (2.3.6)
    cookiejar (0.3.2)
    em-http-request (1.1.2)
      addressable (>= 2.3.4)
      cookiejar
      em-socksify (>= 0.3)
      eventmachine (>= 1.0.3)
      http_parser.rb (>= 0.6.0)
    em-socksify (0.3.0)
      eventmachine (>= 1.0.0.beta.4)
    eventmachine (1.0.3)
    http_parser.rb (0.6.0)
    irc_parser (0.1.2)
    sqlite3 (1.3.9)

PLATFORMS
  ruby

DEPENDENCIES
  em-http-request
  eventmachine
  irc_parser
  sqlite3
