GEM
  remote: https://rubygems.org/
  specs:
    axiom-types (0.1.1)
      descendants_tracker (~> 0.0.4)
      ice_nine (~> 0.11.0)
      thread_safe (~> 0.3, >= 0.3.1)
    bindata (2.1.0)
    cinch (2.1.0)
    coercible (1.0.0)
      descendants_tracker (~> 0.0.1)
    crass (1.0.1)
    curb (0.8.6)
    descendants_tracker (0.0.4)
      thread_safe (~> 0.3, >= 0.3.1)
    equalizer (0.0.11)
    excon (0.45.3)
    ice_nine (0.11.1)
    libv8 (3.16.14.7)
    mini_portile (0.6.0)
    nokogiri (1.6.3.1)
      mini_portile (= 0.6.0)
    nokogumbo (1.2.0)
      nokogiri
    qqwry (0.0.3)
      bindata
    ref (1.0.5)
    sanitize (3.1.0)
      crass (~> 1.0.1)
      nokogiri (>= 1.4.4)
      nokogumbo (= 1.2.0)
    sqlite3 (1.3.9)
    telegram_bot (0.0.4)
      excon (>= 0.30.0)
      virtus (>= 1.0.0)
    therubyracer (0.12.1)
      libv8 (~> 3.16.14.0)
      ref
    thread_safe (0.3.5)
    virtus (1.0.5)
      axiom-types (~> 0.1)
      coercible (~> 1.0)
      descendants_tracker (~> 0.0, >= 0.0.3)
      equalizer (~> 0.0, >= 0.0.9)

PLATFORMS
  ruby

DEPENDENCIES
  cinch
  curb
  nokogiri
  qqwry
  sanitize
  sqlite3
  telegram_bot
  therubyracer
