GEM
  remote: https://ruby.taobao.org/
  specs:
    cinch (2.1.0)
    curb (0.8.6)
    mini_portile (0.6.0)
    nokogiri (1.6.3.1)
      mini_portile (= 0.6.0)
    sqlite3 (1.3.9)

PLATFORMS
  ruby

DEPENDENCIES
  cinch
  curb
  nokogiri
  sqlite3
